GEM
  remote: https://rubygems.org/
  specs:
    strscan (3.1.0)

PLATFORMS
  x64-mingw-ucrt

DEPENDENCIES
  strscan

BUNDLED WITH
   2.5.10
